GEM
  remote: http://rubygems.org/
  specs:
    activesupport (3.2.12)
      i18n (~> 0.6)
      multi_json (~> 1.0)
    faraday (0.8.4)
      multipart-post (~> 1.1)
    haml (4.0.3)
      tilt
    i18n (0.6.5)
    multi_json (1.8.0)
    multipart-post (1.1.5)
    rack (1.5.2)
    rack-protection (1.5.0)
      rack
    simple_oauth (0.1.9)
    sinatra (1.3.3)
      rack (~> 1.3, >= 1.3.6)
      rack-protection (~> 1.2)
      tilt (~> 1.3, >= 1.3.3)
    tilt (1.4.1)
    twitter (2.2.0)
      activesupport (>= 2.3.9, < 4)
      faraday (~> 0.7)
      multi_json (~> 1.0)
      simple_oauth (~> 0.1)

PLATFORMS
  ruby

DEPENDENCIES
  haml
  sinatra (= 1.3.3)
  twitter
